GEM
  remote: https://rubygems.org/
  specs:
    httparty (0.21.0)
      mini_mime (>= 1.0.0)
      multi_xml (>= 0.5.2)
    mini_mime (1.1.5)
    multi_xml (0.6.0)
    speedtest (0.2.3)
      httparty (~> 0.13)

PLATFORMS
  ruby

DEPENDENCIES
  speedtest

BUNDLED WITH
   1.17.2
